PATH
  remote: .
  specs:
    screenshot_to_imgur (0.0.1)
      growl (~> 1.0.0)
      imgur (~> 0.2.0)
      listen (~> 0.5.0)

GEM
  remote: http://rubygems.org/
  specs:
    crack (0.3.1)
    curb (0.8.1)
    growl (1.0.3)
    imgur (0.2.0)
      crack (>= 0.1.4)
      curb (>= 0.5.4.0)
    listen (0.5.0)

PLATFORMS
  ruby

DEPENDENCIES
  screenshot_to_imgur!
